GEM
  remote: http://rubygems.org/
  specs:
    coderay (1.0.7)
    eventmachine (1.0.3)
    eventmachine_httpserver (0.2.1)
    method_source (0.8)
    pry (0.9.10)
      coderay (~> 1.0.5)
      method_source (~> 0.8)
      slop (~> 3.3.1)
    slop (3.3.2)

PLATFORMS
  ruby

DEPENDENCIES
  eventmachine
  eventmachine_httpserver
  pry
